PATH
  remote: .
  specs:
    rollout-redis (0.2.0)
      redis (>= 4.0, <= 5)

GEM
  remote: https://rubygems.org/
  specs:
    connection_pool (2.4.1)
    diff-lcs (1.5.0)
    mock_redis (0.37.0)
    redis (5.0.0)
      redis-client (~> 0.7)
    redis-client (0.17.1)
      connection_pool
    rspec (3.12.0)
      rspec-core (~> 3.12.0)
      rspec-expectations (~> 3.12.0)
      rspec-mocks (~> 3.12.0)
    rspec-core (3.12.2)
      rspec-support (~> 3.12.0)
    rspec-expectations (3.12.3)
      diff-lcs (>= 1.2.0, < 2.0)
      rspec-support (~> 3.12.0)
    rspec-mocks (3.12.6)
      diff-lcs (>= 1.2.0, < 2.0)
      rspec-support (~> 3.12.0)
    rspec-support (3.12.1)

PLATFORMS
  aarch64-linux

DEPENDENCIES
  bundler (>= 2.4)
  mock_redis (~> 0.37)
  rollout-redis!
  rspec (~> 3.12)

BUNDLED WITH
   2.4.21
