PATH
  remote: .
  specs:
    rollout-redis (1.1.0)
      mail (~> 2.8)
      redis (>= 4.0, <= 5)
      slack-notifier (~> 2.4)

GEM
  remote: https://rubygems.org/
  specs:
    connection_pool (2.4.1)
    date (3.3.3)
    diff-lcs (1.5.0)
    mail (2.8.1)
      mini_mime (>= 0.1.1)
      net-imap
      net-pop
      net-smtp
    mini_mime (1.1.5)
    mock_redis (0.38.0)
    net-imap (0.4.2)
      date
      net-protocol
    net-pop (0.1.2)
      net-protocol
    net-protocol (0.2.1)
      timeout
    net-smtp (0.4.0)
      net-protocol
    rake (13.1.0)
    redis (5.0.0)
      redis-client (~> 0.7)
    redis-client (0.18.0)
      connection_pool
    rspec (3.12.0)
      rspec-core (~> 3.12.0)
      rspec-expectations (~> 3.12.0)
      rspec-mocks (~> 3.12.0)
    rspec-core (3.12.2)
      rspec-support (~> 3.12.0)
    rspec-expectations (3.12.3)
      diff-lcs (>= 1.2.0, < 2.0)
      rspec-support (~> 3.12.0)
    rspec-mocks (3.12.6)
      diff-lcs (>= 1.2.0, < 2.0)
      rspec-support (~> 3.12.0)
    rspec-support (3.12.1)
    slack-notifier (2.4.0)
    timeout (0.4.0)

PLATFORMS
  aarch64-linux

DEPENDENCIES
  bundler (>= 2.4)
  mock_redis (~> 0.37)
  rake (~> 13)
  rollout-redis!
  rspec (~> 3.12)

BUNDLED WITH
   2.4.21
