PATH
  remote: ..
  specs:
    rollout-redis (1.0.0)
      mail (~> 2.8)
      redis (>= 4.0, <= 5)
      slack-notifier (~> 2.4)

GEM
  remote: https://rubygems.org/
  specs:
    connection_pool (2.4.1)
    date (3.3.3)
    mail (2.8.1)
      mini_mime (>= 0.1.1)
      net-imap
      net-pop
      net-smtp
    mini_mime (1.1.5)
    mock_redis (0.38.0)
    net-imap (0.4.2)
      date
      net-protocol
    net-pop (0.1.2)
      net-protocol
    net-protocol (0.2.1)
      timeout
    net-smtp (0.4.0)
      net-protocol
    rack (3.0.8)
    redis (5.0.0)
      redis-client (~> 0.7)
    redis-client (0.17.1)
      connection_pool
    roda (3.73.0)
      rack
    slack-notifier (2.4.0)
    timeout (0.4.0)

PLATFORMS
  arm64-darwin-23

DEPENDENCIES
  mock_redis (~> 0.37)
  roda (~> 3)
  rollout-redis!

BUNDLED WITH
   2.4.21
